GIT
  remote: https://github.com/cucumber/cucumber-expressions-ruby
  revision: a4b4f1c179b1edc174ab7cb0398f58a13cd31b98
  specs:
    cucumber-expressions (6.1.2)

GIT
  remote: https://github.com/cucumber/cucumber-ruby
  revision: b235704dcf4482e50d727e3c01b7317f7147c4e3
  specs:
    cucumber (4.0.0.rc.1)
      builder (>= 2.1.2)
      cucumber-core (~> 4.0)
      cucumber-expressions (~> 6.0, >= 6.0.1)
      cucumber-formatter-dots (~> 1.0)
      cucumber-wire (~> 1.0)
      diff-lcs (~> 1.3)
      gherkin (~> 6.0)
      multi_json (>= 1.7.5, < 2.0)
      multi_test (>= 0.1.2)

GEM
  remote: https://rubygems.org/
  specs:
    backports (3.11.4)
    builder (3.2.3)
    c21e (1.1.8)
    cucumber-core (4.0.0)
      backports (>= 3.8.0)
      cucumber-tag_expressions (~> 1.1.0)
      gherkin (~> 6.0)
    cucumber-formatter-dots (1.1.2)
      c21e (~> 1.1.8)
      cucumber-messages (~> 2.0.0)
    cucumber-messages (2.0.0)
      google-protobuf (= 3.6.1)
    cucumber-tag_expressions (1.1.1)
    cucumber-wire (1.0.0)
      cucumber-core (~> 4.0)
      cucumber-expressions (~> 6.0)
    diff-lcs (1.3)
    gherkin (6.0.15)
      c21e (~> 1.1.8)
      cucumber-messages (~> 2.0.0)
    google-protobuf (3.6.1)
    multi_json (1.13.1)
    multi_test (0.1.2)

PLATFORMS
  ruby

DEPENDENCIES
  cucumber!
  cucumber-expressions!

BUNDLED WITH
   1.17.2
